GEM
  remote: https://rubygems.org/
  specs:
    bson (4.10.0)
    json (2.2.0)
    kgio (2.11.2)
    mongo (2.13.0)
      bson (>= 4.8.2, < 5.0.0)
    mustermann (1.1.1)
      ruby2_keywords (~> 0.0.1)
    rack (2.2.3)
    rack-protection (2.2.0)
      rack
    raindrops (0.19.0)
    ruby2_keywords (0.0.5)
    sinatra (2.2.0)
      mustermann (~> 1.0)
      rack (~> 2.2)
      rack-protection (= 2.2.0)
      tilt (~> 2.0)
    tilt (2.0.10)
    unicorn (5.4.1)
      kgio (~> 2.6)
      raindrops (~> 0.7)

PLATFORMS
  ruby

DEPENDENCIES
  json
  mongo (= 2.13.0)
  sinatra (= 2.2.0)
  unicorn

RUBY VERSION
   ruby 2.6.0p0

BUNDLED WITH
   1.17.2
